GEM
  remote: http://rubygems.org/
  specs:
    activemodel (3.0.5)
      activesupport (= 3.0.5)
      builder (~> 2.1.2)
      i18n (~> 0.4)
    activerecord (3.0.5)
      activemodel (= 3.0.5)
      activesupport (= 3.0.5)
      arel (~> 2.0.2)
      tzinfo (~> 0.3.23)
    activesupport (3.0.5)
    arel (2.0.9)
    builder (2.1.2)
    crypt-isaac (0.9.1)
    gettext (2.1.0)
      locale (>= 2.0.5)
    i18n (0.5.0)
    locale (2.0.5)
    mysql2 (0.2.7)
    rack (1.2.1)
    rake (0.8.7)
    sinatra (1.1.3)
      rack (~> 1.1)
      tilt (>= 1.2.2, < 2.0)
    tilt (1.2.2)
    tzinfo (0.3.24)
    whiskey_disk (0.6.22)
      rake

PLATFORMS
  ruby

DEPENDENCIES
  activerecord (~> 3.0.0)
  activesupport (~> 3.0.0)
  crypt-isaac (~> 0.9.1)
  gettext (~> 2.1.0)
  mysql2
  rake (~> 0.8.7)
  sinatra (~> 1.0)
  whiskey_disk
